GIT
  remote: https://github.com/le0pard/middleman
  revision: 7abb8bb37ca1b039be5b1f0ee38d787f77a8a3b5
  branch: manifest_helpers
  specs:
    middleman (5.0.0.rc.2)
      coffee-script (~> 2.4)
      haml (>= 4.0.5)
      kramdown (~> 2.3)
      middleman-cli (= 5.0.0.rc.2)
      middleman-core (= 5.0.0.rc.2)
      webrick (~> 1.7)
    middleman-cli (5.0.0.rc.2)
      thor (>= 0.17.0, < 2.0)
    middleman-core (5.0.0.rc.2)
      activesupport (>= 5.0.0)
      addressable (~> 2)
      bundler
      contracts (~> 0.17)
      dotenv
      erubis
      execjs (~> 2)
      fastimage (~> 2)
      hamster (~> 3)
      hashie (~> 5)
      i18n (~> 1)
      listen (~> 3)
      memoist (~> 0)
      oj (~> 3)
      padrino-helpers (~> 0.15.0)
      parallel
      rack (>= 1.4.5, < 3)
      rgl (~> 0.5)
      sassc (~> 2)
      servolux
      tilt (~> 2.0.9)
      toml
      uglifier (~> 4)
      webrick

GIT
  remote: https://github.com/middleman/middleman-blog
  revision: 3386d6e83b3522dc791b094c2b2b65a3a653ca14
  specs:
    middleman-blog (4.0.3)
      addressable (~> 2.3)
      middleman-core (>= 4.0.0)
      tzinfo (>= 0.3.0)

GIT
  remote: https://github.com/middleman/middleman-minify-html
  revision: 68080390564b58e5d39bcecf367cbc2a8fc4e0d5
  specs:
    middleman-minify-html (4.0.0)
      htmlcompressor (~> 0)
      middleman-core (>= 5.0.0.rc.1)

GEM
  remote: https://rubygems.org/
  specs:
    actionpack (7.0.1)
      actionview (= 7.0.1)
      activesupport (= 7.0.1)
      rack (~> 2.0, >= 2.2.0)
      rack-test (>= 0.6.3)
      rails-dom-testing (~> 2.0)
      rails-html-sanitizer (~> 1.0, >= 1.2.0)
    actionview (7.0.1)
      activesupport (= 7.0.1)
      builder (~> 3.1)
      erubi (~> 1.4)
      rails-dom-testing (~> 2.0)
      rails-html-sanitizer (~> 1.1, >= 1.2.0)
    activesupport (7.0.1)
      concurrent-ruby (~> 1.0, >= 1.0.2)
      i18n (>= 1.6, < 2)
      minitest (>= 5.1)
      tzinfo (~> 2.0)
    addressable (2.8.0)
      public_suffix (>= 2.0.2, < 5.0)
    ast (2.4.2)
    buftok (0.2.0)
    builder (3.2.4)
    coffee-script (2.4.1)
      coffee-script-source
      execjs
    coffee-script-source (1.12.2)
    concurrent-ruby (1.1.9)
    contracts (0.17)
    crass (1.0.6)
    domain_name (0.5.20190701)
      unf (>= 0.0.5, < 1.0.0)
    dotenv (2.7.6)
    equalizer (0.0.11)
    erubi (1.10.0)
    erubis (2.7.0)
    execjs (2.8.1)
    faraday (1.9.3)
      faraday-em_http (~> 1.0)
      faraday-em_synchrony (~> 1.0)
      faraday-excon (~> 1.1)
      faraday-httpclient (~> 1.0)
      faraday-multipart (~> 1.0)
      faraday-net_http (~> 1.0)
      faraday-net_http_persistent (~> 1.0)
      faraday-patron (~> 1.0)
      faraday-rack (~> 1.0)
      faraday-retry (~> 1.0)
      ruby2_keywords (>= 0.0.4)
    faraday-em_http (1.0.0)
    faraday-em_synchrony (1.0.0)
    faraday-excon (1.1.0)
    faraday-httpclient (1.0.1)
    faraday-multipart (1.0.3)
      multipart-post (>= 1.2, < 3)
    faraday-net_http (1.0.1)
    faraday-net_http_persistent (1.2.0)
    faraday-patron (1.0.0)
    faraday-rack (1.0.0)
    faraday-retry (1.0.3)
    fastimage (2.2.6)
    ffi (1.15.5)
    ffi-compiler (1.0.1)
      ffi (>= 1.0.0)
      rake
    generator (0.0.1)
    haml (5.2.2)
      temple (>= 0.8.0)
      tilt
    hamster (3.0.0)
      concurrent-ruby (~> 1.0)
    hashie (5.0.0)
    htmlcompressor (0.4.0)
    http (4.4.1)
      addressable (~> 2.3)
      http-cookie (~> 1.0)
      http-form_data (~> 2.2)
      http-parser (~> 1.2.0)
    http-cookie (1.0.4)
      domain_name (~> 0.5)
    http-form_data (2.3.0)
    http-parser (1.2.3)
      ffi-compiler (>= 1.0, < 2.0)
    http_parser.rb (0.6.0)
    i18n (1.8.11)
      concurrent-ruby (~> 1.0)
    json (2.6.1)
    koala (3.0.0)
      addressable
      faraday
      json (>= 1.8)
    kramdown (2.3.1)
      rexml
    lazy_priority_queue (0.1.1)
    lefthook (0.7.7)
    listen (3.7.1)
      rb-fsevent (~> 0.10, >= 0.10.3)
      rb-inotify (~> 0.9, >= 0.9.10)
    loofah (2.13.0)
      crass (~> 1.0.2)
      nokogiri (>= 1.5.9)
    memoist (0.16.2)
    memoizable (0.4.2)
      thread_safe (~> 0.3, >= 0.3.1)
    mini_portile2 (2.7.1)
    minitest (5.15.0)
    multi_json (1.15.0)
    multipart-post (2.1.1)
    naught (1.1.0)
    nokogiri (1.13.1)
      mini_portile2 (~> 2.7.0)
      racc (~> 1.4)
    oj (3.13.11)
    padrino-helpers (0.15.1)
      i18n (>= 0.6.7, < 2)
      padrino-support (= 0.15.1)
      tilt (>= 1.4.1, < 3)
    padrino-support (0.15.1)
    parallel (1.21.0)
    parser (3.1.0.0)
      ast (~> 2.4.1)
    parslet (2.0.0)
    public_suffix (4.0.6)
    racc (1.6.0)
    rack (2.2.3)
    rack-test (1.1.0)
      rack (>= 1.0, < 3)
    rails-dom-testing (2.0.3)
      activesupport (>= 4.2.0)
      nokogiri (>= 1.6)
    rails-html-sanitizer (1.4.2)
      loofah (~> 2.3)
    rainbow (3.1.1)
    rake (13.0.6)
    rb-fsevent (0.11.0)
    rb-inotify (0.10.1)
      ffi (~> 1.0)
    regexp_parser (2.2.0)
    rexml (3.2.5)
    rgl (0.5.7)
      lazy_priority_queue (~> 0.1.0)
      stream (~> 0.5.3)
    rubocop (1.24.1)
      parallel (~> 1.10)
      parser (>= 3.0.0.0)
      rainbow (>= 2.2.2, < 4.0)
      regexp_parser (>= 1.8, < 3.0)
      rexml
      rubocop-ast (>= 1.15.1, < 2.0)
      ruby-progressbar (~> 1.7)
      unicode-display_width (>= 1.4.0, < 3.0)
    rubocop-ast (1.15.1)
      parser (>= 3.0.1.1)
    rubocop-performance (1.13.2)
      rubocop (>= 1.7.0, < 2.0)
      rubocop-ast (>= 0.4.0)
    rubocop-rake (0.6.0)
      rubocop (~> 1.0)
    ruby-progressbar (1.11.0)
    ruby2_keywords (0.0.5)
    sassc (2.4.0)
      ffi (~> 1.9)
    servolux (0.13.0)
    simple_oauth (0.3.1)
    stream (0.5.3)
      generator
    temple (0.8.2)
    thor (1.2.1)
    thread_safe (0.3.6)
    tilt (2.0.10)
    toml (0.3.0)
      parslet (>= 1.8.0, < 3.0.0)
    twitter (7.0.0)
      addressable (~> 2.3)
      buftok (~> 0.2.0)
      equalizer (~> 0.0.11)
      http (~> 4.0)
      http-form_data (~> 2.0)
      http_parser.rb (~> 0.6.0)
      memoizable (~> 0.4.0)
      multipart-post (~> 2.0)
      naught (~> 1.0)
      simple_oauth (~> 0.3.0)
    tzinfo (2.0.4)
      concurrent-ruby (~> 1.0)
    uglifier (4.2.0)
      execjs (>= 0.3.0, < 3)
    unf (0.1.4)
      unf_ext
    unf_ext (0.0.8)
    unicode-display_width (2.1.0)
    webrick (1.7.0)

PLATFORMS
  ruby

DEPENDENCIES
  actionpack (>= 6.0)
  actionview (>= 6.0)
  activesupport (>= 6.0)
  addressable (>= 2.7.0)
  builder (>= 3.2.2)
  erubis (>= 2.7)
  faraday (~> 1)
  koala (>= 3.0.0)
  kramdown (>= 2.3.0)
  lefthook
  middleman!
  middleman-blog!
  middleman-core!
  middleman-minify-html!
  multi_json (>= 1.15.0)
  nokogiri (>= 1.11.0.rc4)
  oj (>= 2.10.4)
  rack
  rails-html-sanitizer (>= 1.0.1)
  rake
  rubocop (>= 1.7.0)
  rubocop-performance (>= 1.9.1)
  rubocop-rake (>= 0.5.1)
  twitter (>= 7.0.0)

BUNDLED WITH
   2.3.3
